PATH
  remote: .
  specs:
    haml2slim (0.4.7)
      haml (>= 3.0)
      nokogiri
      ruby_parser

GEM
  remote: https://rubygems.org/
  specs:
    haml (6.3.0)
      temple (>= 0.8.2)
      thor
      tilt
    minitest (5.25.1)
    nokogiri (1.16.7-arm64-darwin)
      racc (~> 1.4)
    nokogiri (1.16.7-x86_64-darwin)
      racc (~> 1.4)
    nokogiri (1.16.7-x86_64-linux)
      racc (~> 1.4)
    racc (1.8.1)
    rake (13.2.1)
    ruby_parser (3.21.1)
      racc (~> 1.5)
      sexp_processor (~> 4.16)
    sexp_processor (4.17.2)
    slim (5.2.1)
      temple (~> 0.10.0)
      tilt (>= 2.1.0)
    temple (0.10.3)
    thor (1.3.2)
    tilt (2.4.0)

PLATFORMS
  arm64-darwin-23
  x86_64-darwin
  x86_64-linux

DEPENDENCIES
  haml2slim!
  minitest
  rake
  slim (>= 1.0.0)

BUNDLED WITH
   2.5.22
